GEM
  remote: https://rubygems.org/
  specs:
    byebug (11.0.1)
    coderay (1.1.2)
    ffi (1.11.1)
    interactive_editor (0.0.11)
      spoon (>= 0.0.1)
    map_by_method (0.8.3)
    method_source (0.9.2)
    minitest (5.11.3)
    pry (0.12.2)
      coderay (~> 1.1.0)
      method_source (~> 0.9.0)
    pry-byebug (3.7.0)
      byebug (~> 11.0)
      pry (~> 0.10)
    rhex (2.0.3)
    spoon (0.0.6)
      ffi

PLATFORMS
  ruby

DEPENDENCIES
  interactive_editor
  map_by_method
  minitest (~> 5.11, >= 5.11.3)
  pry
  pry-byebug (~> 3.7)
  rhex

RUBY VERSION
   ruby 2.6

BUNDLED WITH
   1.17.2
